PATH
  remote: ../blocRecord
  specs:
    bloc_record (0.0.0)
      activesupport
      pg (~> 0.21.0)
      sqlite3 (~> 1.3)

PATH
  remote: ../bloc_works
  specs:
    bloc_works (0.1.0)
      bloc_record
      erubis (~> 2.7)

GEM
  remote: https://rubygems.org/
  specs:
    activesupport (5.1.2)
      concurrent-ruby (~> 1.0, >= 1.0.2)
      i18n (~> 0.7)
      minitest (~> 5.1)
      tzinfo (~> 1.1)
    concurrent-ruby (1.0.5)
    diff-lcs (1.3)
    erubis (2.7.0)
    i18n (0.8.6)
    minitest (5.10.3)
    pg (0.21.0)
    power_assert (1.0.2)
    rack (1.6.8)
    rack-test (0.6.3)
      rack (>= 1.0)
    rspec (3.5.0)
      rspec-core (~> 3.5.0)
      rspec-expectations (~> 3.5.0)
      rspec-mocks (~> 3.5.0)
    rspec-core (3.5.4)
      rspec-support (~> 3.5.0)
    rspec-expectations (3.5.0)
      diff-lcs (>= 1.2.0, < 2.0)
      rspec-support (~> 3.5.0)
    rspec-mocks (3.5.0)
      diff-lcs (>= 1.2.0, < 2.0)
      rspec-support (~> 3.5.0)
    rspec-support (3.5.0)
    sqlite3 (1.3.13)
    test-unit (3.2.5)
      power_assert
    thread_safe (0.3.6)
    tzinfo (1.2.3)
      thread_safe (~> 0.1)

PLATFORMS
  ruby

DEPENDENCIES
  bloc_record!
  bloc_works!
  rack (~> 1.6)
  rack-test (~> 0.6.3)
  rspec
  sqlite3
  test-unit (~> 3.2, >= 3.2.3)

BUNDLED WITH
   1.15.3
